PATH
  remote: .
  specs:
    netlinx-compile (1.0.0)

GEM
  remote: https://rubygems.org/
  specs:
    coderay (1.1.0)
    json (1.8.1)
    method_source (0.8.2)
    minitest (5.3.3)
    pry (0.9.12.6)
      coderay (~> 1.0)
      method_source (~> 0.8)
      slop (~> 3.4)
    rake (10.3.1)
    rb-readline (0.5.1)
    rdoc (4.1.1)
      json (~> 1.4)
    slop (3.5.0)

PLATFORMS
  ruby

DEPENDENCIES
  minitest
  netlinx-compile!
  pry
  rake
  rb-readline
  rdoc
